GEM
  remote: http://rubygems.org/
  specs:
    addressable (2.3.6)
    contribution-checker (0.0.1)
      octokit (~> 3.1)
    faraday (0.9.0)
      multipart-post (>= 1.2, < 3)
    json (1.7.7)
    mime-types (2.3)
    multipart-post (2.0.0)
    octokit (3.1.0)
      sawyer (~> 0.5.3)
    rack (1.5.2)
    rack-protection (1.5.3)
      rack
    rest-client (1.6.7)
      mime-types (>= 1.16)
    sawyer (0.5.4)
      addressable (~> 2.3.5)
      faraday (~> 0.8, < 0.10)
    sinatra (1.3.6)
      rack (~> 1.4)
      rack-protection (~> 1.3)
      tilt (~> 1.3, >= 1.3.3)
    tilt (1.4.1)

PLATFORMS
  ruby

DEPENDENCIES
  contribution-checker (~> 0.0.1)
  json (= 1.7.7)
  rest-client (~> 1.6.3)
  sinatra (~> 1.3.5)
